GEM
  remote: https://rubygems.org/
  specs:
    ffi (1.15.3)
    ffi-rzmq (2.0.7)
      ffi-rzmq-core (>= 1.0.7)
    ffi-rzmq-core (1.0.7)
      ffi
    json (2.5.1)
    sqlite3 (1.4.2)
    webrick (1.7.0)
    zeromqrb (0.1.3)
      ffi-rzmq

PLATFORMS
  ruby

DEPENDENCIES
  json
  sqlite3
  webrick
  zeromqrb

BUNDLED WITH
   2.1.4
